GEM
  remote: http://rubygems.org/
  specs:
    addressable (2.2.4)
    data_objects (0.10.3)
      addressable (~> 2.1)
    diff-lcs (1.1.2)
    dm-core (1.0.2)
      addressable (~> 2.2)
      extlib (~> 0.9.15)
    dm-do-adapter (1.0.2)
      data_objects (~> 0.10.2)
      dm-core (~> 1.0.2)
    dm-migrations (1.0.2)
      dm-core (~> 1.0.2)
    dm-postgres-adapter (1.0.2)
      dm-do-adapter (~> 1.0.2)
      do_postgres (~> 0.10.2)
    dm-sqlite-adapter (1.0.2)
      dm-do-adapter (~> 1.0.2)
      do_sqlite3 (~> 0.10.2)
    do_postgres (0.10.3)
      data_objects (= 0.10.3)
    do_sqlite3 (0.10.3)
      data_objects (= 0.10.3)
    extlib (0.9.15)
    oauth (0.4.4)
    rack (1.2.1)
    rack-test (0.5.6)
      rack (>= 1.0)
    rake (0.8.7)
    rspec (2.3.0)
      rspec-core (~> 2.3.0)
      rspec-expectations (~> 2.3.0)
      rspec-mocks (~> 2.3.0)
    rspec-core (2.3.1)
    rspec-expectations (2.3.0)
      diff-lcs (~> 1.1.2)
    rspec-mocks (2.3.0)
    shotgun (0.8)
      rack (>= 1.0)
    sinatra (1.1.2)
      rack (~> 1.1)
      tilt (~> 1.2)
    tilt (1.2.1)

PLATFORMS
  ruby

DEPENDENCIES
  addressable (= 2.2.4)
  data_objects (= 0.10.3)
  diff-lcs (= 1.1.2)
  dm-core (= 1.0.2)
  dm-do-adapter (= 1.0.2)
  dm-migrations (= 1.0.2)
  dm-postgres-adapter (= 1.0.2)
  dm-sqlite-adapter (= 1.0.2)
  do_postgres (= 0.10.3)
  do_sqlite3 (= 0.10.3)
  extlib (= 0.9.15)
  oauth (= 0.4.4)
  rack (= 1.2.1)
  rack-test (= 0.5.6)
  rake
  rspec (= 2.3.0)
  rspec-core (= 2.3.1)
  rspec-expectations (= 2.3.0)
  rspec-mocks (= 2.3.0)
  shotgun (= 0.8)
  sinatra (= 1.1.2)
  tilt (= 1.2.1)
